GEM
  remote: https://rubygems.org/
  specs:
    diff-lcs (1.1.3)
    file-tail (1.0.12)
      tins (~> 0.5)
    rspec (2.12.0)
      rspec-core (~> 2.12.0)
      rspec-expectations (~> 2.12.0)
      rspec-mocks (~> 2.12.0)
    rspec-core (2.12.2)
    rspec-expectations (2.12.1)
      diff-lcs (~> 1.1.3)
    rspec-mocks (2.12.2)
    rspec-parameterized (0.0.7)
      rspec (~> 2.12.0)
      ruby2ruby (~> 1.3.1)
      sourcify (~> 0.6.0.rc2)
    ruby2ruby (1.3.1)
      ruby_parser (~> 2.0)
      sexp_processor (~> 3.0)
    ruby_parser (2.3.1)
      sexp_processor (~> 3.0)
    sexp_processor (3.2.0)
    sourcify (0.6.0.rc3)
      file-tail (~> 1.0.10)
      ruby2ruby (~> 1.3.1)
      ruby_parser (~> 2.3.1)
      sexp_processor (~> 3.2.0)
    tins (0.7.2)

PLATFORMS
  ruby

DEPENDENCIES
  rspec-parameterized
